GEM
  remote: http://rubygems.org/
  specs:
    async-rack (0.5.1)
      rack (~> 1.1)
    coderay (1.0.7)
    em-synchrony (1.0.0)
      eventmachine (>= 1.0.0.beta.1)
    eventmachine (1.0.0.beta.4)
    goliath (0.9.4)
      async-rack
      em-synchrony (>= 1.0.0)
      eventmachine (>= 1.0.0.beta.3)
      http_parser.rb
      http_router (~> 0.9.0)
      log4r
      multi_json
      rack (>= 1.2.2)
      rack-contrib
      rack-respond_to
    haml (3.1.4)
    http_parser.rb (0.5.3)
    http_router (0.9.7)
      rack (>= 1.0.0)
      url_mount (~> 0.2.1)
    json_pure (1.6.5)
    log4r (1.1.10)
    method_source (0.8)
    multi_json (1.0.4)
    pry (0.9.10)
      coderay (~> 1.0.5)
      method_source (~> 0.8)
      slop (~> 3.3.1)
    pry-nav (0.2.2)
      pry (~> 0.9.10)
    rack (1.4.1)
    rack-accept-media-types (0.9)
    rack-contrib (1.1.0)
      rack (>= 0.9.1)
    rack-respond_to (0.9.8)
      rack-accept-media-types (>= 0.6)
    slop (3.3.3)
    tilt (1.3.3)
    url_mount (0.2.1)
      rack

PLATFORMS
  ruby

DEPENDENCIES
  goliath
  haml
  json_pure
  pry
  pry-nav
  tilt
